GEM
  remote: https://rubygems.org/
  specs:
    rake (11.1.2)
    sass (3.4.22)
    scss_lint (0.48.0)
      rake (>= 0.9, < 12)
      sass (~> 3.4.15)

PLATFORMS
  ruby

DEPENDENCIES
  scss_lint

BUNDLED WITH
   1.11.2
